GEM
  remote: https://rubygems.org/
  specs:
    commander (4.3.4)
      highline (~> 1.7.2)
    dotenv (0.11.1)
      dotenv-deployment (~> 0.0.2)
    dotenv-deployment (0.0.2)
    foreman (0.74.0)
      dotenv (~> 0.11.1)
      thor (~> 0.19.1)
    highline (1.7.2)
    houston (2.2.0)
      commander (~> 4.1)
      json
    json (1.8.2)
    puma (3.6.0)
    rack (1.6.4)
    rack-protection (1.5.3)
      rack
    rake (0.9.6)
    sinatra (1.4.5)
      rack (~> 1.4)
      rack-protection (~> 1.4)
      tilt (~> 1.3, >= 1.3.4)
    sinatra-initializers (0.1.4)
    thor (0.19.1)
    tilt (1.4.1)

PLATFORMS
  ruby

DEPENDENCIES
  foreman
  houston (= 2.2.0)
  puma
  rake
  sinatra
  sinatra-initializers

BUNDLED WITH
   1.13.0
